RESTRICTION: == netcoreapp2.2
NUGET
  remote: https://www.nuget.org/api/v2
    Expecto (8.12)
      FSharp.Core (>= 4.3.4)
      Mono.Cecil (>= 0.10.3)
    Expecto.FsCheck (8.12)
      Expecto (>= 8.12)
      FsCheck (>= 2.13)
    FsCheck (2.14)
      FSharp.Core (>= 4.2.3)
    FSharp.Core (4.7)
    Mono.Cecil (0.11)
