RESTRICTION: == netcoreapp2.2
NUGET
  remote: https://www.nuget.org/api/v2
    FsCheck (2.14)
      FSharp.Core (>= 4.2.3)
    FSharp.Core (4.7)
